GIT
  remote: git://github.com/ernie/ransack.git
  revision: c427b4865d8b47ff85545cf1ba0c5cf7ae211e4b
  specs:
    ransack (1.2.3)
      actionpack (>= 3.0)
      activerecord (>= 3.0)
      activesupport (>= 3.0)
      i18n
      polyamorous (~> 1.0.0)

GIT
  remote: git://github.com/gregbell/active_admin.git
  revision: 9c5c3043161400a8703eb80e959b79b62000cec1
  specs:
    activeadmin (1.0.0.pre)
      arbre (~> 1.0)
      bourbon
      coffee-rails
      formtastic (~> 2.3.0.rc3)
      inherited_resources (~> 1.3)
      jquery-rails
      jquery-ui-rails
      kaminari (~> 0.15)
      rails (>= 3.2, < 4.2)
      ransack (~> 1.0)
      sass-rails

GIT
  remote: git://github.com/josevalim/inherited_resources.git
  revision: 559161287cd705def4868d3c0de6ddc2d8a8564c
  specs:
    inherited_resources (1.4.1)
      has_scope (~> 0.6.0.rc)
      responders (~> 1.0.0)

GIT
  remote: git://github.com/justinfrench/formtastic.git
  revision: 1bdf6d3642af52a1a62902f12b844a5856d0254e
  specs:
    formtastic (2.3.0.rc3)
      actionpack (>= 3.2.13)

GIT
  remote: git://github.com/plataformatec/devise.git
  revision: 2f6edfd0c57078a9d518fcd85276e92bc61c3ceb
  specs:
    devise (3.2.4)
      bcrypt (~> 3.0)
      orm_adapter (~> 0.1)
      railties (>= 3.2.6, < 5)
      thread_safe (~> 0.1)
      warden (~> 1.2.3)

GIT
  remote: git://github.com/plataformatec/responders.git
  revision: 9357c734530c05e9a8325f74c54079a6fd3121c2
  specs:
    responders (1.0.0)
      railties (>= 3.2, < 5)

GEM
  remote: http://rubygems.org/
  specs:
    aasm (3.2.0)
    actionmailer (4.1.3)
      actionpack (= 4.1.3)
      actionview (= 4.1.3)
      mail (~> 2.5.4)
    actionpack (4.1.3)
      actionview (= 4.1.3)
      activesupport (= 4.1.3)
      rack (~> 1.5.2)
      rack-test (~> 0.6.2)
    actionview (4.1.3)
      activesupport (= 4.1.3)
      builder (~> 3.1)
      erubis (~> 2.7.0)
    activemodel (4.1.3)
      activesupport (= 4.1.3)
      builder (~> 3.1)
    activerecord (4.1.3)
      activemodel (= 4.1.3)
      activesupport (= 4.1.3)
      arel (~> 5.0.0)
    activesupport (4.1.3)
      i18n (~> 0.6, >= 0.6.9)
      json (~> 1.7, >= 1.7.7)
      minitest (~> 5.1)
      thread_safe (~> 0.1)
      tzinfo (~> 1.1)
    arbre (1.0.1)
      activesupport (>= 3.0.0)
    arel (5.0.1.20140414130214)
    bcrypt (3.1.7)
    bourbon (3.2.1)
      sass (~> 3.2)
      thor
    builder (3.2.2)
    cancancan (1.8.4)
    cocoon (1.2.6)
    coderay (1.1.0)
    coffee-rails (4.0.1)
      coffee-script (>= 2.2.0)
      railties (>= 4.0.0, < 5.0)
    coffee-script (2.2.0)
      coffee-script-source
      execjs
    coffee-script-source (1.7.0)
    columnize (0.8.9)
    daemons (1.1.9)
    debugger (1.6.6)
      columnize (>= 0.3.1)
      debugger-linecache (~> 1.2.0)
      debugger-ruby_core_source (~> 1.3.2)
    debugger-linecache (1.2.0)
    debugger-ruby_core_source (1.3.5)
    erubis (2.7.0)
    eventmachine (1.0.3)
    execjs (2.0.2)
    faraday (0.9.0)
      multipart-post (>= 1.2, < 3)
    foundation-icons-sass-rails (3.0.0)
      railties (>= 3.1.1)
      sass-rails (>= 3.1.1)
    foundation-rails (5.2.2.0)
      railties (>= 3.1.0)
      sass (>= 3.2.0)
    friendly_id (5.0.3)
      activerecord (>= 4.0.0)
    haml (4.0.5)
      tilt
    haml-rails (0.5.3)
      actionpack (>= 4.0.1)
      activesupport (>= 4.0.1)
      haml (>= 3.1, < 5.0)
      railties (>= 4.0.1)
    has_scope (0.6.0.rc)
      actionpack (>= 3.2, < 5)
      activesupport (>= 3.2, < 5)
    hashie (2.1.1)
    hike (1.2.3)
    i18n (0.6.9)
    jbuilder (2.0.7)
      activesupport (>= 3.0.0, < 5)
      multi_json (~> 1.2)
    jquery-rails (3.1.0)
      railties (>= 3.0, < 5.0)
      thor (>= 0.14, < 2.0)
    jquery-ui-rails (4.2.1)
      railties (>= 3.2.16)
    json (1.8.1)
    jwt (0.1.13)
      multi_json (>= 1.5)
    kaminari (0.15.1)
      actionpack (>= 3.0.0)
      activesupport (>= 3.0.0)
    libv8 (3.16.14.3)
    mail (2.5.4)
      mime-types (~> 1.16)
      treetop (~> 1.4.8)
    method_source (0.8.2)
    mime-types (1.25.1)
    minitest (5.3.5)
    multi_json (1.10.1)
    multi_xml (0.5.5)
    multipart-post (2.0.0)
    oauth2 (0.9.3)
      faraday (>= 0.8, < 0.10)
      jwt (~> 0.1.8)
      multi_json (~> 1.3)
      multi_xml (~> 0.5)
      rack (~> 1.2)
    omniauth (1.2.1)
      hashie (>= 1.2, < 3)
      rack (~> 1.0)
    omniauth-facebook (1.6.0)
      omniauth-oauth2 (~> 1.1)
    omniauth-google-oauth2 (0.2.4)
      omniauth (~> 1.0)
      omniauth-oauth2 (~> 1.1)
    omniauth-oauth2 (1.1.2)
      faraday (>= 0.8, < 0.10)
      multi_json (~> 1.3)
      oauth2 (~> 0.9.3)
      omniauth (~> 1.2)
    orm_adapter (0.5.0)
    pdf-core (0.2.5)
    pg (0.17.1)
    polyamorous (1.0.0)
      activerecord (>= 3.0)
    polyglot (0.3.5)
    prawn (1.2.1)
      pdf-core (~> 0.2.5)
      ttfunk (~> 1.2.0)
    prawn-table (0.1.0)
    pry (0.10.0)
      coderay (~> 1.1.0)
      method_source (~> 0.8.1)
      slop (~> 3.4)
    pry-rails (0.3.2)
      pry (>= 0.9.10)
    quiet_assets (1.0.2)
      railties (>= 3.1, < 5.0)
    rack (1.5.2)
    rack-test (0.6.2)
      rack (>= 1.0)
    rails (4.1.3)
      actionmailer (= 4.1.3)
      actionpack (= 4.1.3)
      actionview (= 4.1.3)
      activemodel (= 4.1.3)
      activerecord (= 4.1.3)
      activesupport (= 4.1.3)
      bundler (>= 1.3.0, < 2.0)
      railties (= 4.1.3)
      sprockets-rails (~> 2.0)
    rails-asset-jqueryui (0.0.3)
      jquery-rails
    rails_12factor (0.0.2)
      rails_serve_static_assets
      rails_stdout_logging
    rails_serve_static_assets (0.0.2)
    rails_stdout_logging (0.0.3)
    railties (4.1.3)
      actionpack (= 4.1.3)
      activesupport (= 4.1.3)
      rake (>= 0.8.7)
      thor (>= 0.18.1, < 2.0)
    rake (10.3.2)
    rdoc (4.1.1)
      json (~> 1.4)
    ref (1.0.5)
    sass (3.2.19)
    sass-rails (4.0.3)
      railties (>= 4.0.0, < 5.0)
      sass (~> 3.2.0)
      sprockets (~> 2.8, <= 2.11.0)
      sprockets-rails (~> 2.0)
    sdoc (0.4.0)
      json (~> 1.8)
      rdoc (~> 4.0, < 5.0)
    simple_form (3.0.2)
      actionpack (~> 4.0)
      activemodel (~> 4.0)
    slop (3.6.0)
    sprockets (2.11.0)
      hike (~> 1.2)
      multi_json (~> 1.0)
      rack (~> 1.0)
      tilt (~> 1.1, != 1.3.0)
    sprockets-rails (2.1.3)
      actionpack (>= 3.0)
      activesupport (>= 3.0)
      sprockets (~> 2.8)
    therubyracer (0.12.1)
      libv8 (~> 3.16.14.0)
      ref
    thin (1.6.2)
      daemons (>= 1.0.9)
      eventmachine (>= 1.0.0)
      rack (>= 1.0.0)
    thor (0.19.1)
    thread_safe (0.3.4)
    tilt (1.4.1)
    treetop (1.4.15)
      polyglot
      polyglot (>= 0.3.1)
    ttfunk (1.2.0)
    tzinfo (1.2.1)
      thread_safe (~> 0.1)
    uglifier (2.5.0)
      execjs (>= 0.3.0)
      json (>= 1.8.0)
    warden (1.2.3)
      rack (>= 1.0)

PLATFORMS
  ruby

DEPENDENCIES
  aasm (~> 3.2.0)
  activeadmin!
  cancancan (~> 1.8.4)
  cocoon (= 1.2.6)
  coffee-rails (~> 4.0.0)
  debugger (~> 1.6.6)
  devise!
  formtastic!
  foundation-icons-sass-rails (~> 3.0.0)
  foundation-rails (~> 5.2.2.0)
  friendly_id (~> 5.0.2)
  haml-rails (~> 0.5.3)
  inherited_resources!
  jbuilder (~> 2.0.7)
  jquery-rails
  omniauth
  omniauth-facebook
  omniauth-google-oauth2
  pg (~> 0.17.1)
  prawn (= 1.2.1)
  prawn-table (= 0.1.0)
  pry-rails
  quiet_assets
  rails (= 4.1.3)
  rails-asset-jqueryui
  rails_12factor
  ransack!
  responders!
  sass-rails (~> 4.0.3)
  sdoc
  simple_form (~> 3.0.2)
  sprockets (= 2.11.0)
  therubyracer (~> 0.12.0)
  thin
  uglifier (>= 2.3.1)
